GEM
  remote: https://rubygems.org/
  specs:
    addressable (2.3.8)
    fastimage (1.8.0)
      addressable (~> 2.3, >= 2.3.5)
    htmlentities (4.3.4)
    httparty (0.13.7)
      json (~> 1.8)
      multi_xml (>= 0.5.2)
    json (1.8.3)
    multi_xml (0.5.5)
    rack (1.6.4)
    rack-protection (1.5.3)
      rack
    sinatra (1.4.6)
      rack (~> 1.4)
      rack-protection (~> 1.4)
      tilt (>= 1.3, < 3)
    tilt (2.0.1)

PLATFORMS
  ruby

DEPENDENCIES
  fastimage
  htmlentities
  httparty
  sinatra

BUNDLED WITH
   1.10.6
